GEM
  remote: http://rubygems.org/
  specs:
    git (1.2.5)
    jeweler (1.6.4)
      bundler (~> 1.0)
      git (>= 1.2.5)
      rake
    minitest (2.10.0)
    rake (0.9.2.2)
    rcov (0.9.11)
    yard (0.6.8)

PLATFORMS
  ruby
  x86-mingw32

DEPENDENCIES
  bundler (~> 1.0)
  jeweler (~> 1.6.4)
  minitest
  rcov
  yard (~> 0.6.0)
